GEM
  remote: https://rubygems.org/
  specs:
    concurrent-ruby (1.1.9)
    i18n (1.8.11)
      concurrent-ruby (~> 1.0)
    minitest (5.15.0)
    mocha (1.13.0)

PLATFORMS
  ruby

DEPENDENCIES
  i18n
  minitest
  mocha

BUNDLED WITH
   2.1.4
